GEM
  remote: http://rubygems.org/
  specs:
    constructor (2.0.0)
    deep_merge (1.2.2)
    diff-lcs (1.5.0)
    diy (1.1.2)
      constructor (>= 1.0.0)
    rake (13.0.6)
    require_all (3.0.0)
    rr (3.1.0)
    rspec (3.12.0)
      rspec-core (~> 3.12.0)
      rspec-expectations (~> 3.12.0)
      rspec-mocks (~> 3.12.0)
    rspec-core (3.12.0)
      rspec-support (~> 3.12.0)
    rspec-expectations (3.12.2)
      diff-lcs (>= 1.2.0, < 2.0)
      rspec-support (~> 3.12.0)
    rspec-mocks (3.12.3)
      diff-lcs (>= 1.2.0, < 2.0)
      rspec-support (~> 3.12.0)
    rspec-support (3.12.0)
    thor (1.2.1)

PLATFORMS
  ruby
  x64-mingw-ucrt
  x64-mingw32

DEPENDENCIES
  bundler
  constructor
  deep_merge
  diy
  rake
  require_all
  rr
  rspec (~> 3.8)
  thor

BUNDLED WITH
   2.3.26
